PATH
  remote: .
  specs:
    kumo (0.0.1)
      fog
      gli (= 2.0.0)

GEM
  remote: http://rubygems.org/
  specs:
    builder (3.0.0)
    columnize (0.3.6)
    debugger (1.2.0)
      columnize (>= 0.3.1)
      debugger-linecache (~> 1.1.1)
      debugger-ruby_core_source (~> 1.1.3)
    debugger-linecache (1.1.2)
      debugger-ruby_core_source (>= 1.1.1)
    debugger-ruby_core_source (1.1.3)
    excon (0.16.1)
    fog (1.5.0)
      builder
      excon (~> 0.14)
      formatador (~> 0.2.0)
      mime-types
      multi_json (~> 1.0)
      net-scp (~> 1.0.4)
      net-ssh (>= 2.1.3)
      nokogiri (~> 1.5.0)
      ruby-hmac
    formatador (0.2.3)
    gli (2.0.0)
    json (1.7.5)
    mime-types (1.19)
    multi_json (1.3.6)
    net-scp (1.0.4)
      net-ssh (>= 1.99.1)
    net-ssh (2.5.2)
    nokogiri (1.5.5)
    rake (0.9.2.2)
    rdoc (3.12)
      json (~> 1.4)
    ruby-hmac (0.4.0)

PLATFORMS
  ruby

DEPENDENCIES
  debugger
  kumo!
  rake
  rdoc
